PATH
  remote: .
  specs:
    circactivator (2.2.0)
      httparty (~> 0.13.3)
      mixlib-log (~> 1.6.0)
      settingslogic (~> 2.0.9)
      thor (~> 0.19.1)

GEM
  remote: https://rubygems.org/
  specs:
    addressable (2.3.8)
    coderay (1.1.0)
    crack (0.4.2)
      safe_yaml (~> 1.0.0)
    diff-lcs (1.2.5)
    httparty (0.13.3)
      json (~> 1.8)
      multi_xml (>= 0.5.2)
    json (1.8.2)
    method_source (0.8.2)
    mixlib-log (1.6.0)
    multi_xml (0.5.5)
    pry (0.10.1)
      coderay (~> 1.1.0)
      method_source (~> 0.8.1)
      slop (~> 3.4)
    rspec (3.2.0)
      rspec-core (~> 3.2.0)
      rspec-expectations (~> 3.2.0)
      rspec-mocks (~> 3.2.0)
    rspec-core (3.2.3)
      rspec-support (~> 3.2.0)
    rspec-expectations (3.2.1)
      diff-lcs (>= 1.2.0, < 2.0)
      rspec-support (~> 3.2.0)
    rspec-mocks (3.2.1)
      diff-lcs (>= 1.2.0, < 2.0)
      rspec-support (~> 3.2.0)
    rspec-support (3.2.2)
    safe_yaml (1.0.4)
    settingslogic (2.0.9)
    slop (3.6.0)
    thor (0.19.1)
    webmock (1.21.0)
      addressable (>= 2.3.6)
      crack (>= 0.3.2)

PLATFORMS
  ruby

DEPENDENCIES
  bundler (~> 1.3)
  circactivator!
  pry (~> 0.10)
  rspec (~> 3.2)
  webmock (~> 1.21)
